GEM
  remote: https://rubygems.org/
  specs:
    cairo (1.15.13)
      native-package-installer (>= 1.0.3)
      pkg-config (>= 1.2.2)
    cairo-gobject (3.2.7)
      cairo
      glib2 (= 3.2.7)
    chunky_png (1.3.11)
    classy_hash (0.2.1)
    coderay (1.1.2)
    gdk_pixbuf2 (3.2.7)
      gio2 (= 3.2.7)
    gio2 (3.2.7)
      glib2 (= 3.2.7)
      gobject-introspection (= 3.2.7)
    glib2 (3.2.7)
      native-package-installer (>= 1.0.3)
      pkg-config (>= 1.2.2)
    gobject-introspection (3.2.7)
      glib2 (= 3.2.7)
    highline (1.7.10)
    identicon (0.0.5)
      chunky_png
    mercenary (0.3.6)
    method_source (0.9.2)
    mini_portile2 (2.3.0)
    native-package-installer (1.0.6)
    nokogiri (1.8.4)
      mini_portile2 (~> 2.3.0)
    pango (3.2.7)
      cairo-gobject (= 3.2.7)
      gobject-introspection (= 3.2.7)
    pkg-config (1.3.2)
    pry (0.12.2)
      coderay (~> 1.1.0)
      method_source (~> 0.9.0)
    rb-readline (0.5.5)
    roo (2.7.1)
      nokogiri (~> 1)
      rubyzip (~> 1.1, < 2.0.0)
    rsvg2 (3.2.7)
      cairo (>= 1.12.8)
      cairo-gobject (= 3.2.7)
      gdk_pixbuf2 (= 3.2.7)
    ruby-progressbar (1.9.0)
    rubyzip (1.2.2)
    squib (0.14.2)
      cairo (= 1.15.13)
      classy_hash (= 0.2.1)
      gio2 (= 3.2.7)
      gobject-introspection (= 3.2.7)
      highline (= 1.7.10)
      mercenary (= 0.3.6)
      nokogiri (= 1.8.4)
      pango (= 3.2.7)
      roo (= 2.7.1)
      rsvg2 (= 3.2.7)
      ruby-progressbar (= 1.9.0)

PLATFORMS
  ruby

DEPENDENCIES
  identicon
  pry
  rb-readline
  squib

BUNDLED WITH
   1.16.3
